PATH
  remote: .
  specs:
    travis_dedup (0.6.0)
      faraday
      json

GEM
  remote: https://rubygems.org/
  specs:
    addressable (2.3.7)
    bump (0.5.1)
    crack (0.4.2)
      safe_yaml (~> 1.0.0)
    daemons (1.1.9)
    diff-lcs (1.1.3)
    eventmachine (1.0.4)
    faraday (0.9.1)
      multipart-post (>= 1.2, < 3)
    json (1.8.2)
    multi_json (1.12.0)
    multipart-post (2.0.0)
    rack (1.6.4)
    rack-protection (1.5.3)
      rack
    rack-test (0.6.3)
      rack (>= 1.0)
    rake (10.0.3)
    rollbar (2.11.3)
      multi_json
    rspec (2.12.0)
      rspec-core (~> 2.12.0)
      rspec-expectations (~> 2.12.0)
      rspec-mocks (~> 2.12.0)
    rspec-core (2.12.2)
    rspec-expectations (2.12.1)
      diff-lcs (~> 1.1.3)
    rspec-mocks (2.12.1)
    safe_yaml (1.0.4)
    sinatra (1.4.7)
      rack (~> 1.5)
      rack-protection (~> 1.4)
      tilt (>= 1.3, < 3)
    thin (1.6.3)
      daemons (~> 1.0, >= 1.0.9)
      eventmachine (~> 1.0)
      rack (~> 1.0)
    tilt (2.0.2)
    webmock (1.20.4)
      addressable (>= 2.3.6)
      crack (>= 0.3.2)

PLATFORMS
  ruby

DEPENDENCIES
  bump
  rack-test
  rake
  rollbar
  rspec
  sinatra
  thin
  travis_dedup!
  webmock

RUBY VERSION
   ruby 2.2.4p230

BUNDLED WITH
   1.12.5
